ObjectType = Image
NDims = 3
BinaryData = True
BinaryDataByteOrderMSB = False
CompressedData = False
TransformMatrix = 1 2.5272503225950657e-11 6.7414974837100129e-11 2.5272503397259665e-11 0.75356335620935511 -0.65737528716745408 -6.7414972953605299e-11 0.65737527856961464 0.75356336370972921
Offset = -69.355804443359361 -122.23049163818359 76.706817626953139
CenterOfRotation = 0 0 0
AnatomicalOrientation = RAI
ElementSpacing = 0.56250000000000011 0.5625 0.54999995231628407
DimSize = 246 320 120
ElementType = MET_FLOAT
ElementDataFile = tof001_corr.raw
